GIT
  remote: git://github.com/Mange/mail_style.git
  revision: 3a344b15299510e3c88ad545fc7744460172851a
  specs:
    mail_style (1.0.0.pre1)
      actionmailer (~> 3.0.0)
      css_parser
      nokogiri

GEM
  remote: http://rubygems.org/
  specs:
    abstract (1.0.0)
    actionmailer (3.0.3)
      actionpack (= 3.0.3)
      mail (~> 2.2.9)
    actionpack (3.0.3)
      activemodel (= 3.0.3)
      activesupport (= 3.0.3)
      builder (~> 2.1.2)
      erubis (~> 2.6.6)
      i18n (~> 0.4)
      rack (~> 1.2.1)
      rack-mount (~> 0.6.13)
      rack-test (~> 0.5.6)
      tzinfo (~> 0.3.23)
    activemodel (3.0.3)
      activesupport (= 3.0.3)
      builder (~> 2.1.2)
      i18n (~> 0.4)
    activerecord (3.0.3)
      activemodel (= 3.0.3)
      activesupport (= 3.0.3)
      arel (~> 2.0.2)
      tzinfo (~> 0.3.23)
    activeresource (3.0.3)
      activemodel (= 3.0.3)
      activesupport (= 3.0.3)
    activesupport (3.0.3)
    addressable (2.2.2)
    arel (2.0.4)
    aws-s3 (0.6.2)
      builder
      mime-types
      xml-simple
    babosa (0.2.0)
    builder (2.1.2)
    cancan (1.3.4)
    capybara (0.3.9)
      culerity (>= 0.2.4)
      mime-types (>= 1.16)
      nokogiri (>= 1.3.3)
      rack (>= 1.0.0)
      rack-test (>= 0.5.4)
      selenium-webdriver (>= 0.0.3)
    cgi_multipart_eof_fix (2.5.0)
    childprocess (0.1.4)
      ffi (~> 0.6.3)
    clearance (0.9.0.rc9)
      rails (~> 3.0.0)
    closure-compiler (0.3.3)
    compass (0.10.5)
      haml (>= 3.0.4)
    configuration (1.2.0)
    crack (0.1.8)
    css_parser (1.1.4)
    culerity (0.2.12)
    daemons (1.1.0)
    database_cleaner (0.5.2)
    delayed_job (2.0.3)
      daemons
    diff-lcs (1.1.2)
    erubis (2.6.6)
      abstract (>= 1.0.0)
    factory_girl (1.3.2)
    factory_girl_rails (1.0)
      factory_girl (~> 1.3)
      rails (>= 3.0.0.beta4)
    faker (0.3.1)
    fastercsv (1.5.3)
    fastthread (1.0.7)
    ffi (0.6.3)
      rake (>= 0.8.7)
    formtastic (1.2.0)
      actionpack (>= 2.3.7)
      activesupport (>= 2.3.7)
      i18n (>= 0.4.0)
    friendly_id (3.1.6)
      babosa (~> 0.2.0)
    gem_plugin (0.2.3)
    geokit (1.5.0)
    gravtastic (2.2.0)
    haml (3.0.18)
    heroku (1.14.3)
      json_pure (>= 1.2.0, < 1.5.0)
      launchy (~> 0.3.2)
      rest-client (>= 1.4.0, < 1.7.0)
    heroku_san (1.0.4)
      heroku
    httparty (0.6.1)
      crack (= 0.1.8)
    i18n (0.4.2)
    jammit (0.5.4)
      closure-compiler (>= 0.1.0)
      yui-compressor (>= 0.9.1)
    json (1.4.6)
    json_pure (1.4.6)
    launchy (0.3.5)
      configuration (>= 0.0.5)
      rake (>= 0.8.1)
    mail (2.2.10)
      activesupport (>= 2.3.6)
      i18n (~> 0.4.1)
      mime-types (~> 1.16)
      treetop (~> 1.4.8)
    mime-types (1.16)
    mongrel (1.1.5)
      cgi_multipart_eof_fix (>= 2.4)
      daemons (>= 1.0.3)
      fastthread (>= 1.0.1)
      gem_plugin (>= 0.2.3)
    nokogiri (1.4.4)
    oauth (0.4.4)
    padlock (0.1.0)
    paperclip (2.3.5)
      activerecord
      activesupport
    pg (0.9.0)
    polyglot (0.3.1)
    rack (1.2.1)
    rack-mount (0.6.13)
      rack (>= 1.0.0)
    rack-test (0.5.6)
      rack (>= 1.0)
    rails (3.0.3)
      actionmailer (= 3.0.3)
      actionpack (= 3.0.3)
      activerecord (= 3.0.3)
      activeresource (= 3.0.3)
      activesupport (= 3.0.3)
      bundler (~> 1.0)
      railties (= 3.0.3)
    railties (3.0.3)
      actionpack (= 3.0.3)
      activesupport (= 3.0.3)
      rake (>= 0.8.7)
      thor (~> 0.14.4)
    rake (0.8.7)
    rdiscount (1.6.5)
    remarkable (4.0.0.alpha4)
      rspec (>= 2.0.0.alpha11)
    remarkable_activemodel (4.0.0.alpha4)
      remarkable (~> 4.0.0.alpha4)
      rspec (>= 2.0.0.alpha11)
    remarkable_activerecord (4.0.0.alpha4)
      remarkable (~> 4.0.0.alpha4)
      remarkable_activemodel (~> 4.0.0.alpha4)
      rspec (>= 2.0.0.alpha11)
    rest-client (1.6.1)
      mime-types (>= 1.16)
    rspec (2.1.0)
      rspec-core (~> 2.1.0)
      rspec-expectations (~> 2.1.0)
      rspec-mocks (~> 2.1.0)
    rspec-core (2.1.0)
    rspec-expectations (2.1.0)
      diff-lcs (~> 1.1.2)
    rspec-mocks (2.1.0)
    rspec-rails (2.1.0)
      rspec (~> 2.1.0)
    rubyzip (0.9.4)
    selenium-webdriver (0.1.0)
      childprocess (= 0.1.4)
      ffi (~> 0.6.3)
      json_pure
      rubyzip
    sequel (3.17.0)
    sinatra (1.0)
      rack (>= 1.0)
    sqlite3-ruby (1.3.2)
    state_machine (0.9.4)
    steak (1.0.0.rc.3)
      rspec
    taps (0.3.14)
      json_pure (>= 1.2.0, < 1.5.0)
      rack (>= 1.0.1)
      rest-client (>= 1.4.0, < 1.7.0)
      sequel (~> 3.17.0)
      sinatra (~> 1.0.0)
      sqlite3-ruby (~> 1.2)
    thor (0.14.6)
    timeline_fu (0.3.0)
    treetop (1.4.9)
      polyglot (>= 0.3.1)
    twitter_oauth (0.4.0)
      json (>= 1.1.9)
      mime-types (>= 1.16)
      oauth (>= 0.3.6)
    tzinfo (0.3.23)
    webmock (1.3.5)
      addressable (>= 2.1.1)
      crack (>= 0.1.7)
    will_paginate (3.0.pre2)
    xml-simple (1.0.12)
    yui-compressor (0.9.1)

PLATFORMS
  ruby

DEPENDENCIES
  aws-s3 (= 0.6.2)
  cancan (= 1.3.4)
  capybara (= 0.3.9)
  clearance (= 0.9.0.rc9)
  compass (= 0.10.5)
  database_cleaner (= 0.5.2)
  delayed_job (= 2.0.3)
  factory_girl (= 1.3.2)
  factory_girl_rails (= 1.0)
  faker (= 0.3.1)
  fastercsv (= 1.5.3)
  formtastic (= 1.2.0)
  friendly_id (= 3.1.6)
  geokit (= 1.5.0)
  gravtastic (= 2.2.0)
  haml (= 3.0.18)
  heroku (= 1.14.3)
  heroku_san (= 1.0.4)
  httparty (= 0.6.1)
  jammit (= 0.5.4)
  launchy (= 0.3.5)
  mail_style (= 1.0.0.pre1)!
  mongrel (= 1.1.5)
  padlock (= 0.1.0)
  paperclip (= 2.3.5)
  pg (= 0.9.0)
  rails (= 3.0.3)
  rdiscount (= 1.6.5)
  remarkable_activerecord (= 4.0.0.alpha4)
  rspec-rails (= 2.1.0)
  state_machine (= 0.9.4)
  steak (= 1.0.0.rc.3)
  taps (= 0.3.14)
  timeline_fu (= 0.3.0)
  twitter_oauth (= 0.4.0)
  webmock (= 1.3.5)
  will_paginate (= 3.0.pre2)
