GEM
  remote: http://rubygems.org/
  specs:
    actionmailer (2.3.10)
      actionpack (= 2.3.10)
    actionpack (2.3.10)
      activesupport (= 2.3.10)
      rack (~> 1.1.0)
    activerecord (2.3.10)
      activesupport (= 2.3.10)
    activeresource (2.3.10)
      activesupport (= 2.3.10)
    activesupport (2.3.10)
    addressable (2.2.1)
    aws-s3 (0.6.2)
      builder
      mime-types
      xml-simple
    babosa (0.2.0)
    builder (2.1.2)
    cancan (1.3.4)
    capybara (0.3.9)
      culerity (>= 0.2.4)
      mime-types (>= 1.16)
      nokogiri (>= 1.3.3)
      rack (>= 1.0.0)
      rack-test (>= 0.5.4)
      selenium-webdriver (>= 0.0.3)
    cgi_multipart_eof_fix (2.5.0)
    clearance (0.8.8)
    compass (0.10.5)
      haml (>= 3.0.4)
    configuration (1.1.0)
    crack (0.1.8)
    cucumber (0.8.5)
      builder (~> 2.1.2)
      diff-lcs (~> 1.1.2)
      gherkin (~> 2.1.4)
      json_pure (~> 1.4.3)
      term-ansicolor (~> 1.0.4)
    cucumber-rails (0.3.2)
      cucumber (>= 0.8.0)
    culerity (0.2.12)
    daemons (1.1.0)
    database_cleaner (0.5.2)
    delayed_job (2.0.3)
      daemons
    diff-lcs (1.1.2)
    factory_girl (1.2.4)
    faker (0.3.1)
    fastercsv (1.5.3)
    fastthread (1.0.7)
    ffi (0.6.3)
      rake (>= 0.8.7)
    formtastic (0.9.10)
      actionpack (>= 2.3.0)
      activesupport (>= 2.3.0)
    friendly_id (3.1.6)
      babosa (~> 0.2.0)
    gem_plugin (0.2.3)
    geokit (1.5.0)
    gherkin (2.1.5)
      trollop (~> 1.16.2)
    gravtastic (2.2.0)
    haml (3.0.18)
    heroku (1.10.4)
      json_pure (>= 1.2.0, < 1.5.0)
      launchy (~> 0.3.2)
      rest-client (~> 1.4.0)
    heroku_san (0.2.4)
    httparty (0.6.1)
      crack (= 0.1.8)
    json (1.4.3)
    json_pure (1.4.6)
    launchy (0.3.5)
      configuration (>= 0.0.5)
      rake (>= 0.8.1)
    mime-types (1.16)
    mongrel (1.1.5)
      cgi_multipart_eof_fix (>= 2.4)
      daemons (>= 1.0.3)
      fastthread (>= 1.0.1)
      gem_plugin (>= 0.2.3)
    nokogiri (1.4.3.1)
    oauth (0.4.3)
    padlock (0.1.0)
    paperclip (2.3.3)
      activerecord
      activesupport
    pg (0.9.0)
    pickle (0.2.11)
    rack (1.1.0)
    rack-test (0.5.6)
      rack (>= 1.0)
    rails (2.3.10)
      actionmailer (= 2.3.10)
      actionpack (= 2.3.10)
      activerecord (= 2.3.10)
      activeresource (= 2.3.10)
      activesupport (= 2.3.10)
      rake (>= 0.8.3)
    rake (0.8.7)
    rdiscount (1.6.5)
    remarkable (3.1.13)
      rspec (>= 1.2.0)
    remarkable_activerecord (3.1.13)
      remarkable (~> 3.1.13)
      rspec (>= 1.2.0)
    remarkable_rails (3.1.13)
      remarkable (~> 3.1.13)
      remarkable_activerecord (~> 3.1.13)
      rspec (>= 1.2.0)
      rspec-rails (>= 1.2.0)
    rest-client (1.4.2)
      mime-types (>= 1.16)
    rspec (1.3.0)
    rspec-rails (1.3.2)
      rack (>= 1.0.0)
      rspec (>= 1.3.0)
    rubyzip (0.9.4)
    searchlogic (2.4.19)
      activerecord (>= 2.0.0)
    selenium-webdriver (0.0.28)
      ffi (>= 0.6.1)
      json_pure
      rubyzip
    sequel (3.12.1)
    sinatra (1.0)
      rack (>= 1.0)
    sqlite3-ruby (1.2.5)
    state_machine (0.9.2)
    steak (0.3.8)
      rspec (>= 1.3.0)
    taps (0.3.9)
      json_pure (>= 1.2.0, < 1.5.0)
      rack (>= 1.0.1)
      rest-client (~> 1.4.0)
      sequel (~> 3.12.1)
      sinatra (~> 1.0.0)
      sqlite3-ruby (~> 1.2.0)
    term-ansicolor (1.0.5)
    timeline_fu (0.3.0)
    trollop (1.16.2)
    twitter_oauth (0.4.0)
      json (>= 1.1.9)
      mime-types (>= 1.16)
      oauth (>= 0.3.6)
    webmock (1.3.5)
      addressable (>= 2.1.1)
      crack (>= 0.1.7)
    will_paginate (2.3.15)
    xml-simple (1.0.12)

PLATFORMS
  ruby

DEPENDENCIES
  aws-s3 (= 0.6.2)
  cancan (= 1.3.4)
  capybara (= 0.3.9)
  clearance (= 0.8.8)
  compass (= 0.10.5)
  cucumber (= 0.8.5)
  cucumber-rails (= 0.3.2)
  database_cleaner (= 0.5.2)
  delayed_job (= 2.0.3)
  factory_girl (= 1.2.4)
  faker (= 0.3.1)
  fastercsv (= 1.5.3)
  formtastic (= 0.9.10)
  friendly_id (= 3.1.6)
  geokit (= 1.5.0)
  gravtastic (= 2.2.0)
  haml (= 3.0.18)
  heroku (= 1.10.4)
  heroku_san (= 0.2.4)
  httparty (= 0.6.1)
  json (= 1.4.3)
  json_pure (= 1.4.6)
  launchy (= 0.3.5)
  mongrel (= 1.1.5)
  padlock (= 0.1.0)
  paperclip (= 2.3.3)
  pg (= 0.9.0)
  pickle (= 0.2.11)
  rails (= 2.3.10)
  rdiscount (= 1.6.5)
  remarkable (= 3.1.13)
  remarkable_rails (= 3.1.13)
  rspec (= 1.3.0)
  rspec-rails (= 1.3.2)
  searchlogic (= 2.4.19)
  state_machine (= 0.9.2)
  steak (= 0.3.8)
  taps (= 0.3.9)
  timeline_fu (= 0.3.0)
  twitter_oauth (= 0.4.0)
  webmock (= 1.3.5)
  will_paginate (= 2.3.15)
